GEM
  remote: http://rubygems.org/
  specs:
    albacore (0.3.5)
      rubyzip
    rake (10.1.0)
    rubyzip (0.9.9)
    semver2 (3.3.2)

PLATFORMS
  x86-mingw32

DEPENDENCIES
  albacore
  bundler
  rake
  rubyzip (~> 0.9.9)
  semver2
